NUGET
  remote: https://www.nuget.org/api/v2
    GitVersion (3.6.5)
    GitVersion.CommandLine (3.6.5)
    LibGit2Sharp (0.23)
      LibGit2Sharp.NativeBinaries (1.0.163)
    LibGit2Sharp.NativeBinaries (1.0.163)
    Microsoft.Web.Xdt (2.1.1)
    NuGet.CommandLine (5.3.1)
    NuGet.Core (2.14)
      Microsoft.Web.Xdt (>= 2.1)
    Pester (4.0.8)
    Unic.Bob.Keith (2.0.2)
    Unic.Bob.Skip (4.0.4)
    Unic.Bob.Wendy (3.0.1)
